GEM
  remote: https://rubygems.org/
  specs:
    ffi (1.12.2)
    mustermann (1.0.3)
    rack (2.2.6.2)
    rack-protection (2.0.5)
      rack
    sassc (2.2.1)
      ffi (~> 1.9)
    sinatra (2.0.5)
      mustermann (~> 1.0)
      rack (~> 2.0)
      rack-protection (= 2.0.5)
      tilt (~> 2.0)
    tilt (2.0.9)

PLATFORMS
  ruby

DEPENDENCIES
  sassc
  sinatra (>= 2.0.2)

RUBY VERSION
   ruby 2.6.3p62

BUNDLED WITH
   1.17.3
